GEM
  remote: http://rubygems.org/
  specs:
    addressable (2.2.6)
    crack (0.3.1)
    diff-lcs (1.1.3)
    emk-sinatra-url-for (0.2.1)
      sinatra (>= 0.9.1.1)
    faraday (0.7.5)
      addressable (~> 2.2.6)
      multipart-post (~> 1.1.3)
      rack (>= 1.1.0, < 2)
    faraday_middleware (0.7.0)
      faraday (~> 0.7.3)
    haml (3.0.25)
    hashie (1.1.0)
    heroku (2.11.0)
      launchy (>= 0.3.2)
      rest-client (~> 1.6.1)
      rubyzip
      term-ansicolor (~> 1.0.5)
    httparty (0.8.1)
      multi_json
      multi_xml
    launchy (2.0.5)
      addressable (~> 2.2.6)
    maruku (0.6.0)
      syntax (>= 1.0.0)
    metaclass (0.0.1)
    mime-types (1.17.2)
    mocha (0.10.0)
      metaclass (~> 0.0.1)
    multi_json (1.0.3)
    multi_xml (0.4.1)
    multipart-post (1.1.3)
    rack (1.2.1)
    rack-test (0.6.1)
      rack (>= 1.0)
    rake (0.9.2.2)
    rest-client (1.6.7)
      mime-types (>= 1.16)
    rspec (2.7.0)
      rspec-core (~> 2.7.0)
      rspec-expectations (~> 2.7.0)
      rspec-mocks (~> 2.7.0)
    rspec-core (2.7.1)
    rspec-expectations (2.7.0)
      diff-lcs (~> 1.1.2)
    rspec-mocks (2.7.0)
    rubyzip (0.9.4)
    simple_oauth (0.1.5)
    sinatra (1.1.2)
      rack (~> 1.1)
      tilt (~> 1.2)
    sinatra-static-assets (0.5.0)
      emk-sinatra-url-for (>= 0.2.1)
      rack (>= 1.0.0)
      sinatra (>= 0.9.1)
    swish (0.8.1)
      crack (>= 0.1.8)
      httparty (>= 0.6.1)
    syntax (1.0.0)
    term-ansicolor (1.0.7)
    tilt (1.2.2)
    twitter (1.7.2)
      faraday (~> 0.7.4)
      faraday_middleware (~> 0.7.0)
      hashie (~> 1.1.0)
      multi_json (~> 1.0.0)
      multi_xml (~> 0.4.0)
      simple_oauth (~> 0.1.5)

PLATFORMS
  ruby

DEPENDENCIES
  haml
  heroku
  maruku
  mocha
  rack
  rack-test
  rake
  rspec
  sinatra (= 1.1.2)
  sinatra-static-assets
  swish
  twitter
