GEM
  remote: http://rubygems.org/
  specs:
    addressable (2.2.6)
    crack (0.3.1)
    emk-sinatra-url-for (0.2.1)
      sinatra (>= 0.9.1.1)
    faraday (0.7.5)
      addressable (~> 2.2.6)
      multipart-post (~> 1.1.3)
      rack (>= 1.1.0, < 2)
    faraday_middleware (0.7.0)
      faraday (~> 0.7.3)
    haml (3.0.25)
    hashie (1.1.0)
    httparty (0.8.1)
      multi_json
      multi_xml
    maruku (0.6.0)
      syntax (>= 1.0.0)
    multi_json (1.0.3)
    multi_xml (0.4.1)
    multipart-post (1.1.3)
    rack (1.2.1)
    simple_oauth (0.1.5)
    sinatra (1.1.2)
      rack (~> 1.1)
      tilt (~> 1.2)
    sinatra-static-assets (0.5.0)
      emk-sinatra-url-for (>= 0.2.1)
      rack (>= 1.0.0)
      sinatra (>= 0.9.1)
    swish (0.8.1)
      crack (>= 0.1.8)
      httparty (>= 0.6.1)
    syntax (1.0.0)
    tilt (1.2.2)
    twitter (1.7.2)
      faraday (~> 0.7.4)
      faraday_middleware (~> 0.7.0)
      hashie (~> 1.1.0)
      multi_json (~> 1.0.0)
      multi_xml (~> 0.4.0)
      simple_oauth (~> 0.1.5)

PLATFORMS
  ruby

DEPENDENCIES
  haml
  maruku
  rack
  sinatra (= 1.1.2)
  sinatra-static-assets
  swish
  twitter
